GEM
  remote: https://rubygems.org/
  specs:
    ruby-opencv (0.0.18)

PLATFORMS
  ruby

DEPENDENCIES
  ruby-opencv

BUNDLED WITH
   2.0.1
